GEM
  remote: https://ruby.taobao.org/
  specs:
    ansi (1.5.0)
    ast (2.1.0)
    faraday (0.9.2)
      multipart-post (>= 1.2, < 3)
    mini_portile2 (2.0.0)
    multipart-post (2.0.0)
    nokogiri (1.6.7)
      mini_portile2 (~> 2.0.0.rc2)
    oga (1.3.1)
      ast
      ruby-ll (~> 2.1)
    ruby-ll (2.1.2)
      ansi
      ast

PLATFORMS
  ruby

DEPENDENCIES
  faraday (~> 0.9.2)
  nokogiri (~> 1.6, >= 1.6.7)
  oga (~> 1.3.1)

BUNDLED WITH
   1.10.6
